GIT
  remote: https://github.com/HomeBusProjects/ruby-homebus
  revision: c231072e715e142c3cd17fd25d42ecd04b0a3397
  branch: main
  specs:
    homebus (0.40.1)
      paho-mqtt (~> 1.0.12)

PATH
  remote: .
  specs:
    homebus-weewx-json (0.0.1)

GEM
  remote: https://rubygems.org/
  specs:
    diff-lcs (1.5.0)
    dotenv (2.8.1)
    paho-mqtt (1.0.12)
    rspec (3.11.0)
      rspec-core (~> 3.11.0)
      rspec-expectations (~> 3.11.0)
      rspec-mocks (~> 3.11.0)
    rspec-core (3.11.0)
      rspec-support (~> 3.11.0)
    rspec-expectations (3.11.1)
      diff-lcs (>= 1.2.0, < 2.0)
      rspec-support (~> 3.11.0)
    rspec-mocks (3.11.1)
      diff-lcs (>= 1.2.0, < 2.0)
      rspec-support (~> 3.11.0)
    rspec-support (3.11.1)

PLATFORMS
  arm64-darwin-21

DEPENDENCIES
  dotenv
  homebus!
  homebus-weewx-json!
  rspec

BUNDLED WITH
   2.3.22
